GEM
  remote: https://rubygems.org/
  specs:
    activesupport (3.2.8)
      i18n (~> 0.6)
      multi_json (~> 1.0)
    addressable (2.3.2)
    bcrypt-ruby (3.0.1)
    i18n (0.6.1)
    json (1.7.5)
    metaclass (0.0.1)
    mocha (0.12.4)
      metaclass (~> 0.0.1)
    multi_json (1.3.6)
    rake (0.9.2.2)

PLATFORMS
  ruby

DEPENDENCIES
  activesupport
  addressable
  bcrypt-ruby (~> 3.0.0)
  json
  mocha (>= 0.12.1)
  rake
