GEM
  remote: https://rubygems.org/
  specs:
    addressable (2.2.8)
    bcrypt-ruby (3.0.1)
    json (1.7.3)

PLATFORMS
  ruby

DEPENDENCIES
  addressable
  bcrypt-ruby (~> 3.0.0)
  json
