GEM
  remote: https://rubygems.org/
  specs:
    addressable (2.2.8)
    bcrypt-ruby (3.0.1)
    json (1.7.3)
    metaclass (0.0.1)
    mocha (0.12.1)
      metaclass (~> 0.0.1)
    rake (0.9.2.2)

PLATFORMS
  ruby

DEPENDENCIES
  addressable
  bcrypt-ruby (~> 3.0.0)
  json
  mocha (>= 0.12.1)
  rake
